PATH
  remote: .
  specs:
    rails-credentials-git (0.1.0)
      thor (> 0.19, < 2)

GEM
  remote: https://rubygems.org/
  specs:
    activesupport (5.2.6)
      concurrent-ruby (~> 1.0, >= 1.0.2)
      i18n (>= 0.7, < 2)
      minitest (~> 5.1)
      tzinfo (~> 1.1)
    concurrent-ruby (1.1.9)
    i18n (1.8.10)
      concurrent-ruby (~> 1.0)
    minitest (5.14.4)
    rake (13.0.6)
    thor (1.0.1)
    thread_safe (0.3.6)
    tzinfo (1.2.9)
      thread_safe (~> 0.1)

PLATFORMS
  universal-darwin-19

DEPENDENCIES
  activesupport (~> 5.2.0)
  bundler (~> 2.2.5)
  minitest (~> 5.0)
  rails-credentials-git!
  rake (~> 13.0)

BUNDLED WITH
   2.2.5
